GEM
  remote: https://rubygems.org/
  specs:
    ffi (1.15.5)
    rb-fsevent (0.11.1)
    rb-inotify (0.10.1)
      ffi (~> 1.0)
    sass (3.7.4)
      sass-listen (~> 4.0.0)
    sass-listen (4.0.0)
      rb-fsevent (~> 0.9, >= 0.9.4)
      rb-inotify (~> 0.9, >= 0.9.7)

PLATFORMS
  x86_64-darwin-19

DEPENDENCIES
  sass

RUBY VERSION
   ruby 3.1.1p18

BUNDLED WITH
   2.3.7
